PATH
  remote: .
  specs:
    mobile_scripts (1.0.2)
      colorize

GEM
  remote: https://rubygems.org/
  specs:
    colorize (0.8.1)

PLATFORMS
  ruby

DEPENDENCIES
  mobile_scripts!

BUNDLED WITH
   1.16.5
